GEM
  remote: http://rubygems.org/
  specs:
    apachelogregex (0.1.0)
    diff-lcs (1.1.3)
    json (1.6.6)
    rdoc (3.12)
      json (~> 1.4)
    rspec (2.8.0)
      rspec-core (~> 2.8.0)
      rspec-expectations (~> 2.8.0)
      rspec-mocks (~> 2.8.0)
    rspec-core (2.8.0)
    rspec-expectations (2.8.0)
      diff-lcs (~> 1.1.2)
    rspec-mocks (2.8.0)

PLATFORMS
  ruby

DEPENDENCIES
  apachelogregex (~> 0.1.0)
  bundler (~> 1.1.0)
  rdoc (~> 3.12)
  rspec (~> 2.8.0)
